NUGET
  remote: http://nuget.org/api/v2
  specs:
    CommandLineParser (1.9.71)
    FAKE (4.7.1)
    FSharp.Compiler.Service (1.4.0.6)
    FSharpVSPowerTools.Core (2.1.0)
      FSharp.Compiler.Service (>= 1.4.0.6)
    ILRepack (2.0.8)
    Microsoft.AspNet.Razor (3.2.3)
    NuGet.CommandLine (2.8.6)
    NUnit (2.6.4)
    NUnit.Runners (2.6.4)
    RazorEngine (3.7.3)
      Microsoft.AspNet.Razor (>= 3.0.0) - framework: >= net45
      Microsoft.AspNet.Razor (2.0.30506.0) - framework: net40
GITHUB
  remote: matthid/Yaaf.FSharp.Scripting
  specs:
    src/source/Yaaf.FSharp.Scripting/YaafFSharpScripting.fs (34b163a2e9b8d81dde07c36cb6775c5bd9216bb6)
